PATH
  remote: .
  specs:
    cql_client (0.0.1)

GEM
  remote: https://rubygems.org/
  specs:
    rake (10.0.4)
    rake-compiler (0.8.3)
      rake

PLATFORMS
  ruby

DEPENDENCIES
  cql_client!
  rake-compiler
